GIT
  remote: git://github.com/wycats/js_module_transpiler.git
  revision: c9f0ada0f7b7ec654ddec25f4a1fb07bcf41c9f7
  branch: master
  specs:
    js_module_transpiler (0.0.1)
      thor

GEM
  remote: https://rubygems.org/
  specs:
    execjs (1.4.0)
      multi_json (~> 1.0)
    multi_json (1.5.0)
    rake (10.0.3)
    thor (0.16.0)
    uglifier (1.3.0)
      execjs (>= 0.3.0)
      multi_json (~> 1.0, >= 1.0.2)

PLATFORMS
  ruby

DEPENDENCIES
  js_module_transpiler!
  rake
  uglifier
